GEM
  remote: https://rubygems.org/
  specs:
    mustermann (2.0.2)
      ruby2_keywords (~> 0.0.1)
    pg (0.17.1)
    pg (0.17.1-x64-mingw32)
    pg (0.17.1-x86-mingw32)
    rack (2.2.4)
    rack-protection (2.2.3)
      rack
    rdiscount (2.1.7.1)
    ruby2_keywords (0.0.5)
    sequel (4.16.0)
    sinatra (2.2.3)
      mustermann (~> 2.0)
      rack (~> 2.2)
      rack-protection (= 2.2.3)
      tilt (~> 2.0)
    sinatra-flash (0.3.0)
      sinatra (>= 1.0.0)
    tilt (2.0.11)

PLATFORMS
  ruby
  x64-mingw32
  x86-mingw32

DEPENDENCIES
  pg
  rdiscount
  sequel
  sinatra
  sinatra-flash
