GEM
  remote: https://rubygems.org/
  specs:
    pg (0.17.1)
    pg (0.17.1-x64-mingw32)
    pg (0.17.1-x86-mingw32)
    rack (3.0.7)
    rack-protection (2.1.0)
      rack
    rdiscount (2.1.7.1)
    sequel (4.16.0)
    sinatra (1.4.4)
      rack (>= 2.1.4)
      rack-protection (>= 1.5.5)
      tilt (~> 1.3, >= 1.3.4)
    sinatra-flash (0.3.0)
      sinatra (>= 1.0.0)
    tilt (1.4.1)

PLATFORMS
  ruby
  x64-mingw32
  x86-mingw32

DEPENDENCIES
  pg
  rdiscount
  sequel
  sinatra
  sinatra-flash
